GEM
  remote: https://rubygems.org/
  specs:
    activesupport (6.0.3.1)
      concurrent-ruby (~> 1.0, >= 1.0.2)
      i18n (>= 0.7, < 2)
      minitest (~> 5.1)
      tzinfo (~> 1.1)
      zeitwerk (~> 2.2, >= 2.2.2)
    chronic (0.10.2)
    concurrent-ruby (1.1.6)
    dotenv (2.7.5)
    faraday (0.15.3)
      multipart-post (>= 1.2, < 3)
    httparty (0.17.0)
      mime-types (~> 3.0)
      multi_xml (>= 0.5.2)
    i18n (1.8.2)
      concurrent-ruby (~> 1.0)
    jwt (2.1.0)
    mime-types (3.2.2)
      mime-types-data (~> 3.2015)
    mime-types-data (3.2019.0331)
    mini_portile2 (2.4.0)
    minitest (5.14.1)
    multi_xml (0.6.0)
    multipart-post (2.0.0)
    nikkou (0.0.5)
      activesupport
      nokogiri
      tzinfo
    nokogiri (1.10.8)
      mini_portile2 (~> 2.4.0)
    thread_safe (0.3.6)
    twilio-ruby (5.12.0)
      faraday (~> 0.9)
      jwt (>= 1.5, <= 2.5)
      nokogiri (>= 1.6, < 2.0)
    tzinfo (1.2.7)
      thread_safe (~> 0.1)
    whenever (1.0.0)
      chronic (>= 0.6.3)
    zeitwerk (2.3.0)

PLATFORMS
  ruby

DEPENDENCIES
  dotenv
  httparty
  nikkou
  nokogiri
  twilio-ruby
  whenever

BUNDLED WITH
   2.0.2
